GEM
  remote: https://rubygems.org/
  specs:
    concurrent-ruby (1.1.8)
    hamster (3.0.0)
      concurrent-ruby (~> 1.0)
    link_header (0.0.8)
    rdf (3.1.13)
      hamster (~> 3.0)
      link_header (~> 0.0, >= 0.0.8)
    sxp (1.1.0)
      rdf (~> 3.1)

PLATFORMS
  ruby

DEPENDENCIES
  sxp

BUNDLED WITH
   2.1.4
